PATH
  remote: .
  specs:
    gbeacon (0.1.0)
      graphite-api (~> 0.1.6)
      usagewatch_ext (~> 0.2.1)

GEM
  remote: https://rubygems.org/
  specs:
    diff-lcs (1.3)
    eventmachine (1.2.7)
    graphite-api (0.1.8)
      eventmachine (>= 0.3.3)
      zscheduler (>= 0.0.3)
    rake (10.5.0)
    rspec (3.8.0)
      rspec-core (~> 3.8.0)
      rspec-expectations (~> 3.8.0)
      rspec-mocks (~> 3.8.0)
    rspec-core (3.8.0)
      rspec-support (~> 3.8.0)
    rspec-expectations (3.8.1)
      diff-lcs (>= 1.2.0, < 2.0)
      rspec-support (~> 3.8.0)
    rspec-mocks (3.8.0)
      diff-lcs (>= 1.2.0, < 2.0)
      rspec-support (~> 3.8.0)
    rspec-support (3.8.0)
    usagewatch (0.0.7)
    usagewatch_ext (0.2.1)
      usagewatch (~> 0.0.6)
    zscheduler (0.0.8)
      eventmachine

PLATFORMS
  ruby

DEPENDENCIES
  bundler (~> 1.16)
  gbeacon!
  rake (~> 10.0)
  rspec (~> 3.0)

BUNDLED WITH
   1.16.2
